PATH
  remote: .
  specs:
    s3db-backup (0.8.2)
      right_aws (>= 2.0.0)

GEM
  remote: http://rubygems.org/
  specs:
    diff-lcs (1.1.3)
    right_aws (3.0.4)
      right_http_connection (>= 1.2.5)
    right_http_connection (1.3.0)
    rspec (2.7.0)
      rspec-core (~> 2.7.0)
      rspec-expectations (~> 2.7.0)
      rspec-mocks (~> 2.7.0)
    rspec-core (2.7.1)
    rspec-expectations (2.7.0)
      diff-lcs (~> 1.1.2)
    rspec-mocks (2.7.0)

PLATFORMS
  ruby

DEPENDENCIES
  rspec (>= 1.2.9)
  s3db-backup!
